GEM
  remote: https://rubygems.org/
  specs:
    adsf (1.2.0)
      rack (>= 1.0.0)
    colored (1.2)
    cri (2.6.1)
      colored (~> 1.2)
    haml (4.0.6)
      tilt
    kramdown (1.5.0)
    nanoc (3.7.5)
      cri (~> 2.3)
    rack (1.6.0)
    sass (3.4.12)
    tilt (2.0.1)

PLATFORMS
  ruby

DEPENDENCIES
  adsf
  haml
  kramdown
  nanoc
  sass
