GEM
  remote: https://rubygems.org/
  specs:
    adsf (1.2.1)
      rack (>= 1.0.0)
    builder (3.2.3)
    colored (1.2)
    concurrent-ruby (1.0.4)
    cri (2.7.1)
      colored (~> 1.2)
    ddplugin (1.0.0)
    git (1.3.0)
    haml (4.0.7)
      tilt
    hamster (3.0.0)
      concurrent-ruby (~> 1.0)
    kramdown (1.13.2)
    mini_portile2 (2.1.0)
    nanoc (4.6.1)
      cri (~> 2.3)
      ddplugin (~> 1.0)
      hamster (~> 3.0)
      ref (~> 2.0)
    nokogiri (1.7.0.1)
      mini_portile2 (~> 2.1.0)
    rack (2.0.1)
    ref (2.0.0)
    sass (3.4.23)
    tilt (2.0.6)

PLATFORMS
  ruby

DEPENDENCIES
  adsf
  builder
  git
  haml
  kramdown
  nanoc
  nokogiri
  sass

BUNDLED WITH
   1.12.5
