GEM
  remote: https://rubygems.org/
  specs:
    adsf (1.2.0)
      rack (>= 1.0.0)
    builder (3.2.2)
    colored (1.2)
    cri (2.6.1)
      colored (~> 1.2)
    git (1.2.9.1)
    haml (4.0.6)
      tilt
    kramdown (1.5.0)
    mini_portile (0.6.2)
    nanoc (4.1.4)
      cri (~> 2.3)
    nokogiri (1.6.6.2)
      mini_portile (~> 0.6.0)
    rack (1.6.0)
    sass (3.4.12)
    tilt (2.0.1)

PLATFORMS
  ruby

DEPENDENCIES
  adsf
  builder
  git
  haml
  kramdown
  nanoc (~> 4.1, >= 4.1.4)
  nokogiri
  sass

BUNDLED WITH
   1.11.2
